GEM
  remote: https://rubygems.org/
  specs:
    markdown-tables (1.1.1)

PLATFORMS
  ruby

DEPENDENCIES
  markdown-tables

BUNDLED WITH
   1.17.2
